GEM
  remote: https://rubygems.org/
  specs:
    bigdecimal (3.1.6)
    mini_portile2 (2.8.5)
    nokogiri (1.15.5)
      mini_portile2 (~> 2.8.2)
      racc (~> 1.4)
    racc (1.7.3)
    sequel (5.76.0)
      bigdecimal
    sqlite3 (1.6.8)
      mini_portile2 (~> 2.8.0)

PLATFORMS
  ruby

DEPENDENCIES
  nokogiri
  sequel (~> 5.42)
  sqlite3 (= 1.6.8)

BUNDLED WITH
   2.1.4
